PATH
  remote: .
  specs:
    datomic-flare (1.0.1)
      bigdecimal (~> 3.1, >= 3.1.8)
      faraday (~> 2.12)
      faraday-typhoeus (~> 1.1)
      typhoeus (~> 1.4, >= 1.4.1)
      uuidx (~> 0.10.0)

GEM
  remote: https://rubygems.org/
  specs:
    ast (2.4.2)
    babosa (2.0.0)
    bigdecimal (3.1.8)
    byebug (11.1.3)
    coderay (1.1.3)
    diff-lcs (1.5.1)
    dotenv (3.1.4)
    ethon (0.16.0)
      ffi (>= 1.15.0)
    faraday (2.12.0)
      faraday-net_http (>= 2.0, < 3.4)
      json
      logger
    faraday-net_http (3.3.0)
      net-http
    faraday-typhoeus (1.1.0)
      faraday (~> 2.0)
      typhoeus (~> 1.4)
    ffi (1.17.0)
    json (2.7.2)
    language_server-protocol (3.17.0.3)
    liquid (5.5.1)
    logger (1.6.1)
    method_source (1.1.0)
    net-http (0.4.1)
      uri
    parallel (1.26.3)
    parser (3.3.5.0)
      ast (~> 2.4.1)
      racc
    pry (0.14.2)
      coderay (~> 1.1)
      method_source (~> 1.0)
    pry-byebug (3.10.1)
      byebug (~> 11.0)
      pry (>= 0.13, < 0.15)
    racc (1.8.1)
    rainbow (3.1.1)
    regexp_parser (2.9.2)
    rspec (3.13.0)
      rspec-core (~> 3.13.0)
      rspec-expectations (~> 3.13.0)
      rspec-mocks (~> 3.13.0)
    rspec-core (3.13.1)
      rspec-support (~> 3.13.0)
    rspec-expectations (3.13.3)
      diff-lcs (>= 1.2.0, < 2.0)
      rspec-support (~> 3.13.0)
    rspec-mocks (3.13.1)
      diff-lcs (>= 1.2.0, < 2.0)
      rspec-support (~> 3.13.0)
    rspec-support (3.13.1)
    rubocop (1.66.1)
      json (~> 2.3)
      language_server-protocol (>= 3.17.0)
      parallel (~> 1.10)
      parser (>= 3.3.0.2)
      rainbow (>= 2.2.2, < 4.0)
      regexp_parser (>= 2.4, < 3.0)
      rubocop-ast (>= 1.32.2, < 2.0)
      ruby-progressbar (~> 1.7)
      unicode-display_width (>= 2.4.0, < 3.0)
    rubocop-ast (1.32.3)
      parser (>= 3.3.1.0)
    rubocop-rspec (3.0.5)
      rubocop (~> 1.61)
    ruby-progressbar (1.13.0)
    typhoeus (1.4.1)
      ethon (>= 0.9.0)
    unicode-display_width (2.6.0)
    uri (0.13.1)
    uuidx (0.10.0)

PLATFORMS
  arm64-darwin-23
  x86_64-linux

DEPENDENCIES
  babosa (~> 2.0)
  datomic-flare!
  dotenv (~> 3.1, >= 3.1.4)
  liquid (~> 5.5, >= 5.5.1)
  pry-byebug (~> 3.10, >= 3.10.1)
  rspec (~> 3.13)
  rubocop (~> 1.66, >= 1.66.1)
  rubocop-rspec (~> 3.0, >= 3.0.5)

BUNDLED WITH
   2.4.22
